GEM
  remote: https://rubygems.org/
  specs:
    diff-lcs (1.5.0)
    rack (3.0.8)
    rack-test (2.1.0)
      rack (>= 1.3)
    rspec (3.12.0)
      rspec-core (~> 3.12.0)
      rspec-expectations (~> 3.12.0)
      rspec-mocks (~> 3.12.0)
    rspec-core (3.12.2)
      rspec-support (~> 3.12.0)
    rspec-expectations (3.12.3)
      diff-lcs (>= 1.2.0, < 2.0)
      rspec-support (~> 3.12.0)
    rspec-mocks (3.12.6)
      diff-lcs (>= 1.2.0, < 2.0)
      rspec-support (~> 3.12.0)
    rspec-support (3.12.1)
    sqlite3 (1.6.7-x86_64-darwin)
    sqlite3 (1.6.7-x86_64-linux)

PLATFORMS
  x86_64-darwin-22
  x86_64-linux

DEPENDENCIES
  bundler
  rack
  rack-test
  rspec
  sqlite3

BUNDLED WITH
   2.4.14
